PATH
  remote: .
  specs:
    carggo (0.0.8)
      thor

GEM
  remote: https://rubygems.org/
  specs:
    minitest (5.11.3)
    rake (10.5.0)
    thor (0.20.3)

PLATFORMS
  ruby

DEPENDENCIES
  bundler (~> 2.0)
  carggo!
  minitest (~> 5.0)
  rake (~> 10.0)

BUNDLED WITH
   2.0.1
